GEM
  remote: https://rubygems.org/
  specs:
    aws-sdk (2.2.4)
      aws-sdk-resources (= 2.2.4)
    aws-sdk-core (2.2.4)
      jmespath (~> 1.0)
    aws-sdk-resources (2.2.4)
      aws-sdk-core (= 2.2.4)
    colorize (0.7.7)
    jmespath (1.1.3)
    terminal-table (1.5.2)

PLATFORMS
  ruby

DEPENDENCIES
  aws-sdk
  colorize
  terminal-table
